PATH
  remote: .
  specs:
    amortizer (0.0.3)
      bigdecimal

GEM
  remote: https://rubygems.org/
  specs:
    bigdecimal (1.2.7)
    diff-lcs (1.2.5)
    rake (10.4.2)
    rspec (3.3.0)
      rspec-core (~> 3.3.0)
      rspec-expectations (~> 3.3.0)
      rspec-mocks (~> 3.3.0)
    rspec-core (3.3.1)
      rspec-support (~> 3.3.0)
    rspec-expectations (3.3.0)
      diff-lcs (>= 1.2.0, < 2.0)
      rspec-support (~> 3.3.0)
    rspec-mocks (3.3.1)
      diff-lcs (>= 1.2.0, < 2.0)
      rspec-support (~> 3.3.0)
    rspec-support (3.3.0)

PLATFORMS
  ruby

DEPENDENCIES
  amortizer!
  bundler (~> 1.5)
  rake
  rspec
