PATH
  remote: .
  specs:
    amortizer (0.0.3)
      bigdecimal

GEM
  remote: https://rubygems.org/
  specs:
    bigdecimal (2.0.0)
    diff-lcs (1.3)
    rake (13.0.1)
    rspec (3.9.0)
      rspec-core (~> 3.9.0)
      rspec-expectations (~> 3.9.0)
      rspec-mocks (~> 3.9.0)
    rspec-core (3.9.2)
      rspec-support (~> 3.9.3)
    rspec-expectations (3.9.2)
      diff-lcs (>= 1.2.0, < 2.0)
      rspec-support (~> 3.9.0)
    rspec-mocks (3.9.1)
      diff-lcs (>= 1.2.0, < 2.0)
      rspec-support (~> 3.9.0)
    rspec-support (3.9.3)

PLATFORMS
  ruby

DEPENDENCIES
  amortizer!
  bundler (~> 2.1)
  rake
  rspec

BUNDLED WITH
   2.1.4
